GEM
  remote: https://rubygems.org/
  specs:
    diff-lcs (1.5.0)
    kramdown (2.4.0)
      rexml
    nokogiri (1.13.10-x86_64-linux)
      racc (~> 1.4)
    racc (1.6.1)
    rexml (3.2.5)
    rspec (3.12.0)
      rspec-core (~> 3.12.0)
      rspec-expectations (~> 3.12.0)
      rspec-mocks (~> 3.12.0)
    rspec-core (3.12.0)
      rspec-support (~> 3.12.0)
    rspec-expectations (3.12.1)
      diff-lcs (>= 1.2.0, < 2.0)
      rspec-support (~> 3.12.0)
    rspec-mocks (3.12.1)
      diff-lcs (>= 1.2.0, < 2.0)
      rspec-support (~> 3.12.0)
    rspec-support (3.12.0)
    ruby-prof (1.4.5)
    webrick (1.7.0)

PLATFORMS
  x86_64-linux

DEPENDENCIES
  kramdown
  nokogiri
  rspec
  ruby-prof
  webrick

BUNDLED WITH
   2.3.26
